GEM
  remote: http://rubygems.org/
  specs:
    macaddr (1.0.0)
    robot-vim (1.0.0)
      uuid (~> 2.3.1)
    uuid (2.3.2)
      macaddr (~> 1.0)

PLATFORMS
  ruby

DEPENDENCIES
  robot-vim
